PATH
  remote: .
  specs:
    url_scrambler (0.0.2)
      msgpack (~> 1.2)

GEM
  remote: http://gems.services.jqdev.net/
  specs:
    builder (3.2.3)
    coderay (1.1.2)
    diff-lcs (1.3)
    faraday (0.14.0)
      multipart-post (>= 1.2, < 3)
    gem_publisher (0.0.14)
      bundler
      geminabox
    geminabox (0.13.15)
      builder
      faraday
      httpclient (>= 2.2.7)
      nesty
      reentrant_flock
      sinatra (>= 1.2.7)
    httpclient (2.8.3)
    method_source (0.9.0)
    msgpack (1.2.2)
    multipart-post (2.0.0)
    mustermann (1.0.1)
    nesty (1.0.2)
    pry (0.11.3)
      coderay (~> 1.1.0)
      method_source (~> 0.9.0)
    rack (2.0.4)
    rack-protection (2.0.0)
      rack
    rake (12.3.0)
    reentrant_flock (0.1.1)
    rspec (3.7.0)
      rspec-core (~> 3.7.0)
      rspec-expectations (~> 3.7.0)
      rspec-mocks (~> 3.7.0)
    rspec-core (3.7.1)
      rspec-support (~> 3.7.0)
    rspec-expectations (3.7.0)
      diff-lcs (>= 1.2.0, < 2.0)
      rspec-support (~> 3.7.0)
    rspec-mocks (3.7.0)
      diff-lcs (>= 1.2.0, < 2.0)
      rspec-support (~> 3.7.0)
    rspec-support (3.7.1)
    sinatra (2.0.0)
      mustermann (~> 1.0)
      rack (~> 2.0)
      rack-protection (= 2.0.0)
      tilt (~> 2.0)
    tilt (2.0.8)

PLATFORMS
  ruby

DEPENDENCIES
  bundler (~> 1.3)
  gem_publisher (~> 0.0.11)
  pry
  rake
  rspec
  url_scrambler!

BUNDLED WITH
   1.16.1
