PATH
  remote: .
  specs:
    tokenizer (0.0.1)
      msgpack

GEM
  remote: https://rubygems.org/
  specs:
    coderay (1.1.0)
    diff-lcs (1.2.5)
    method_source (0.8.2)
    msgpack (0.5.8)
    pry (0.9.12.4)
      coderay (~> 1.0)
      method_source (~> 0.8)
      slop (~> 3.4)
    rake (10.1.1)
    rspec (2.14.1)
      rspec-core (~> 2.14.0)
      rspec-expectations (~> 2.14.0)
      rspec-mocks (~> 2.14.0)
    rspec-core (2.14.7)
    rspec-expectations (2.14.5)
      diff-lcs (>= 1.1.3, < 2.0)
    rspec-mocks (2.14.6)
    slop (3.4.7)

PLATFORMS
  ruby

DEPENDENCIES
  bundler (~> 1.3)
  pry
  rake
  rspec
  tokenizer!
