PATH
  remote: .
  specs:
    url_scrambler (1.0.0)
      aes (~> 0.5.0)
      msgpack (~> 0.6.2)

GEM
  remote: https://rubygems.org/
  specs:
    aes (0.5.0)
    coderay (1.1.0)
    diff-lcs (1.2.5)
    method_source (0.8.2)
    msgpack (0.6.2)
    pry (0.10.2)
      coderay (~> 1.1.0)
      method_source (~> 0.8.1)
      slop (~> 3.4)
    rake (10.4.2)
    rspec (3.3.0)
      rspec-core (~> 3.3.0)
      rspec-expectations (~> 3.3.0)
      rspec-mocks (~> 3.3.0)
    rspec-core (3.3.2)
      rspec-support (~> 3.3.0)
    rspec-expectations (3.3.1)
      diff-lcs (>= 1.2.0, < 2.0)
      rspec-support (~> 3.3.0)
    rspec-mocks (3.3.2)
      diff-lcs (>= 1.2.0, < 2.0)
      rspec-support (~> 3.3.0)
    rspec-support (3.3.0)
    slop (3.6.0)

PLATFORMS
  ruby

DEPENDENCIES
  bundler (~> 1.3)
  pry (~> 0.10.2)
  rake (~> 10.4.2)
  rspec (~> 3.3.0)
  url_scrambler!

BUNDLED WITH
   1.10.6
